GEM
  specs:
    listen (0.5.1)
    progressbar (0.11.0)

PLATFORMS
  ruby

DEPENDENCIES
  listen
  progressbar
